GEM
  remote: https://rubygems.org/
  specs:
    backport (1.1.1)

PLATFORMS
  x64-mingw32

DEPENDENCIES
  backport

BUNDLED WITH
   2.0.1
